GEM
 remote:https://rubygems.org/
 specs:
PLATFORMS
 x64-mingw-ucrt
DEPENDENCIES
 bundler
BUNDLED WITH
 2.5.22
